GIT
  remote: git://github.com/igrigorik/em-websocket.git
  revision: 4421e7af243a1806ded14061dc3cc586cbd4ac18
  specs:
    em-websocket (0.3.1)
      addressable (>= 2.1.1)
      eventmachine (>= 0.12.9)

GEM
  remote: http://rubygems.org/
  specs:
    addressable (2.2.6)
    coffee-script (2.2.0)
      coffee-script-source
      execjs
    coffee-script-source (1.1.2)
    eventmachine (0.12.10)
    execjs (1.2.4)
      multi_json (~> 1.0)
    json (1.5.3)
    kgio (2.6.0)
    libv8 (3.3.10.2)
    multi_json (1.0.3)
    nokogiri (1.5.0)
    rack (1.3.2)
    raindrops (0.7.0)
    sass (3.1.7)
    shotgun (0.9)
      rack (>= 1.0)
    sinatra (1.2.6)
      rack (~> 1.1)
      tilt (< 2.0, >= 1.2.2)
    therubyracer (0.9.3)
      libv8 (~> 3.3.10)
    tilt (1.3.2)
    unicorn (4.0.1)
      kgio (~> 2.4)
      rack
      raindrops (~> 0.6)

PLATFORMS
  ruby

DEPENDENCIES
  coffee-script (>= 2.2)
  em-websocket (>= 0.3.1)!
  eventmachine (>= 0.12.10)
  json (>= 1.5.0)
  nokogiri (>= 1.5.0)
  sass (>= 3.1.0)
  shotgun (>= 0.9)
  sinatra (>= 1.0.0)
  therubyracer (>= 0.9.2)
  unicorn (>= 4.0.0)
