GEM
  remote: http://rubygems.org/
  specs:
    activesupport (3.2.12)
      i18n (~> 0.6)
      multi_json (~> 1.0)
    bson (1.8.3)
    bson_ext (1.8.3)
      bson (~> 1.8.3)
    chunky_png (1.2.7)
    coffee-script (2.2.0)
      coffee-script-source
      execjs
    coffee-script-source (1.6.1)
    compass (0.12.2)
      chunky_png (~> 1.2)
      fssm (>= 0.2.7)
      sass (~> 3.1)
    em-mongo (0.4.3)
      bson (>= 1.1.3)
      eventmachine (>= 0.12.10)
    em-websocket (0.4.0)
      eventmachine (>= 0.12.9)
      http_parser.rb (~> 0.5.3)
    eventmachine (1.0.1)
    execjs (1.4.0)
      multi_json (~> 1.0)
    foreman (0.61.0)
      thor (>= 0.13.6)
    fssm (0.2.10)
    http_parser.rb (0.5.3)
    i18n (0.6.4)
    json (1.7.7)
    kgio (2.8.0)
    libv8 (3.11.8.13)
    mongo (1.8.3)
      bson (~> 1.8.3)
    multi_json (1.6.1)
    nokogiri (1.5.6)
    rack (1.5.2)
    rack-protection (1.4.0)
      rack
    raindrops (0.10.0)
    ref (1.0.2)
    sass (3.2.6)
    shotgun (0.9)
      rack (>= 1.0)
    sinatra (1.3.5)
      rack (~> 1.4)
      rack-protection (~> 1.3)
      tilt (~> 1.3, >= 1.3.3)
    therubyracer (0.11.4)
      libv8 (~> 3.11.8.12)
      ref
    thor (0.17.0)
    tilt (1.3.4)
    uglifier (1.3.0)
      execjs (>= 0.3.0)
      multi_json (~> 1.0, >= 1.0.2)
    unicorn (4.6.2)
      kgio (~> 2.6)
      rack
      raindrops (~> 0.7)

PLATFORMS
  ruby

DEPENDENCIES
  activesupport (>= 3.2.12)
  bson_ext (>= 1.8.3)
  coffee-script (>= 2.2)
  coffee-script-source (>= 1.6.1)
  compass (>= 0.12.2)
  em-mongo (>= 0.4.3)
  em-websocket (>= 0.4.0)
  eventmachine (>= 1.0.1)
  foreman (>= 0.61.0)
  i18n
  json (>= 1.7.5)
  libv8 (>= 3.11.8.13)
  mongo (>= 1.8.3)
  nokogiri (>= 1.5.6)
  shotgun (>= 0.9)
  sinatra (>= 1.3.5)
  therubyracer (>= 0.11.4)
  uglifier (>= 1.3.0)
  unicorn (>= 4.6.2)
