GEM
  remote: http://rubygems.org/
  specs:
    activesupport (3.2.8)
      i18n (~> 0.6)
      multi_json (~> 1.0)
    addressable (2.3.2)
    bson (1.7.0)
    bson_ext (1.7.0)
      bson (~> 1.7.0)
    coffee-script (2.2.0)
      coffee-script-source
      execjs
    coffee-script-source (1.4.0)
    em-mongo (0.4.3)
      bson (>= 1.1.3)
      eventmachine (>= 0.12.10)
    em-websocket (0.3.8)
      addressable (>= 2.1.1)
      eventmachine (>= 0.12.9)
    eventmachine (1.0.0)
    execjs (1.4.0)
      multi_json (~> 1.0)
    i18n (0.6.1)
    json (1.7.5)
    kgio (2.7.4)
    libv8 (3.3.10.4)
    mongo (1.7.0)
      bson (~> 1.7.0)
    multi_json (1.3.6)
    nokogiri (1.5.5)
    rack (1.4.1)
    rack-protection (1.2.0)
      rack
    raindrops (0.10.0)
    sass (3.2.1)
    shotgun (0.9)
      rack (>= 1.0)
    sinatra (1.3.3)
      rack (~> 1.3, >= 1.3.6)
      rack-protection (~> 1.2)
      tilt (~> 1.3, >= 1.3.3)
    therubyracer (0.10.2)
      libv8 (~> 3.3.10)
    tilt (1.3.3)
    unicorn (4.4.0)
      kgio (~> 2.6)
      rack
      raindrops (~> 0.7)

PLATFORMS
  ruby

DEPENDENCIES
  activesupport (>= 3.2.0)
  bson_ext (>= 1.7.0)
  coffee-script (>= 2.2)
  em-mongo (>= 0.4.3)
  em-websocket (>= 0.3.8)
  eventmachine (>= 1.0.0)
  i18n
  json (>= 1.7.5)
  mongo (>= 1.7.0)
  nokogiri (>= 1.5.5)
  sass (>= 3.2.1)
  shotgun (>= 0.9)
  sinatra (>= 1.3.3)
  therubyracer (>= 0.10.2)
  unicorn (>= 4.4.0)
