GEM
  remote: http://rubygems.org/
  specs:
    activesupport (3.2.13)
      i18n (= 0.6.1)
      multi_json (~> 1.0)
    bson (1.8.5)
    bson_ext (1.8.5)
      bson (~> 1.8.5)
    chunky_png (1.2.8)
    coffee-script (2.2.0)
      coffee-script-source
      execjs
    coffee-script-source (1.6.2)
    compass (0.12.2)
      chunky_png (~> 1.2)
      fssm (>= 0.2.7)
      sass (~> 3.1)
    dotenv (0.7.0)
    em-mongo (0.4.3)
      bson (>= 1.1.3)
      eventmachine (>= 0.12.10)
    em-websocket (0.5.0)
      eventmachine (>= 0.12.9)
      http_parser.rb (~> 0.5.3)
    eventmachine (1.0.3)
    execjs (1.4.0)
      multi_json (~> 1.0)
    foreman (0.63.0)
      dotenv (>= 0.7)
      thor (>= 0.13.6)
    fssm (0.2.10)
    http_parser.rb (0.5.3)
    i18n (0.6.1)
    json (1.7.7)
    kgio (2.8.0)
    libv8 (3.11.8.17)
    mongo (1.8.5)
      bson (~> 1.8.5)
    multi_json (1.7.3)
    nokogiri (1.5.9)
    rack (1.5.2)
    rack-protection (1.5.0)
      rack
    raindrops (0.11.0)
    ref (1.0.4)
    sass (3.2.9)
    shotgun (0.9)
      rack (>= 1.0)
    sinatra (1.4.2)
      rack (~> 1.5, >= 1.5.2)
      rack-protection (~> 1.4)
      tilt (~> 1.3, >= 1.3.4)
    therubyracer (0.11.4)
      libv8 (~> 3.11.8.12)
      ref
    thor (0.18.1)
    tilt (1.4.1)
    uglifier (2.1.0)
      execjs (>= 0.3.0)
      multi_json (~> 1.0, >= 1.0.2)
    unicorn (4.6.2)
      kgio (~> 2.6)
      rack
      raindrops (~> 0.7)

PLATFORMS
  ruby

DEPENDENCIES
  activesupport (>= 3.2.13)
  bson_ext (>= 1.8.5)
  coffee-script (>= 2.2)
  coffee-script-source (>= 1.6.2)
  compass (>= 0.12.2)
  em-mongo (>= 0.4.3)
  em-websocket (>= 0.5.0)
  eventmachine (>= 1.0.1)
  foreman (>= 0.63.0)
  i18n
  json (>= 1.7.5)
  mongo (>= 1.8.5)
  nokogiri (>= 1.5.9)
  shotgun (>= 0.9)
  sinatra (>= 1.4.2)
  therubyracer (>= 0.11.4)
  uglifier (>= 2.1.0)
  unicorn (>= 4.6.2)
